GEM
  remote: http://rubygems.org/
  specs:
    actionpack (2.3.11)
      activesupport (= 2.3.11)
      rack (~> 1.1.0)
    activerecord (2.3.11)
      activesupport (= 2.3.11)
    activesupport (2.3.11)
    database_cleaner (0.7.1)
    diff-lcs (1.1.3)
    ffi (1.0.11)
    ffi (1.0.11-java)
    git (1.2.5)
    guard (1.0.0)
      ffi (>= 0.5.0)
      thor (~> 0.14.6)
    guard-rspec (0.6.0)
      guard (>= 0.10.0)
    jeweler (1.6.4)
      bundler (~> 1.0)
      git (>= 1.2.5)
      rake
    json (2.0.4)
    json (2.0.4-java)
    multi_json (1.0.4)
    rack (1.1.2)
    rake (0.9.2.2)
    rspec (2.8.0)
      rspec-core (~> 2.8.0)
      rspec-expectations (~> 2.8.0)
      rspec-mocks (~> 2.8.0)
    rspec-core (2.8.0)
    rspec-expectations (2.8.0)
      diff-lcs (~> 1.1.2)
    rspec-mocks (2.8.0)
    simplecov (0.5.4)
      multi_json (~> 1.0.3)
      simplecov-html (~> 0.5.3)
    simplecov-html (0.5.3)
    sqlite3 (1.3.13)
    thor (0.14.6)

PLATFORMS
  java
  ruby

DEPENDENCIES
  actionpack
  activerecord
  activesupport
  bundler (>= 1.0)
  database_cleaner
  guard
  guard-rspec
  jeweler
  json (~> 2.0.0)
  rake
  rspec
  simplecov
  sqlite3 (~> 1.3.13)

RUBY VERSION
   ruby 2.3.8p459

BUNDLED WITH
   1.16.6
